PATH
  remote: .
  specs:
    hola (0.0.0)
      string_cleaner (~> 0.2.3)

GEM
  remote: https://rubygems.org/
  specs:
    actionpack (8.0.0)
      actionview (= 8.0.0)
      activesupport (= 8.0.0)
      nokogiri (>= 1.8.5)
      rack (>= 2.2.4)
      rack-session (>= 1.0.1)
      rack-test (>= 0.6.3)
      rails-dom-testing (~> 2.2)
      rails-html-sanitizer (~> 1.6)
      useragent (~> 0.16)
    actionview (8.0.0)
      activesupport (= 8.0.0)
      builder (~> 3.1)
      erubi (~> 1.11)
      rails-dom-testing (~> 2.2)
      rails-html-sanitizer (~> 1.6)
    activesupport (8.0.0)
      base64
      benchmark (>= 0.3)
      bigdecimal
      concurrent-ruby (~> 1.0, >= 1.3.1)
      connection_pool (>= 2.2.5)
      drb
      i18n (>= 1.6, < 2)
      logger (>= 1.4.2)
      minitest (>= 5.1)
      securerandom (>= 0.3)
      tzinfo (~> 2.0, >= 2.0.5)
      uri (>= 0.13.1)
    base64 (0.2.0)
    benchmark (0.4.0)
    bigdecimal (3.1.8)
    builder (3.3.0)
    cells (4.1.8)
      declarative-builder (~> 0.2.0)
      declarative-option (< 0.2.0)
      tilt (>= 1.4, < 3)
      uber (< 0.2.0)
    concurrent-ruby (1.3.4)
    connection_pool (2.4.1)
    crass (1.0.6)
    declarative-builder (0.2.0)
      trailblazer-option (~> 0.1.0)
    declarative-option (0.1.0)
    diff-lcs (1.5.1)
    drb (2.2.1)
    erubi (1.13.0)
    ffi (1.15.5)
    i18n (1.14.6)
      concurrent-ruby (~> 1.0)
    io-console (0.7.2)
    irb (1.14.1)
      rdoc (>= 4.0.0)
      reline (>= 0.4.2)
    logger (1.6.1)
    loofah (2.23.1)
      crass (~> 1.0.2)
      nokogiri (>= 1.12.0)
    minitest (5.25.1)
    nokogiri (1.16.7-x86_64-darwin)
      racc (~> 1.4)
    nokogiri (1.16.7-x86_64-linux)
      racc (~> 1.4)
    psych (5.2.0)
      stringio
    racc (1.8.1)
    rack (3.1.8)
    rack-session (2.0.0)
      rack (>= 3.0.0)
    rack-test (2.1.0)
      rack (>= 1.3)
    rackup (2.2.1)
      rack (>= 3)
    rails-dom-testing (2.2.0)
      activesupport (>= 5.0.0)
      minitest
      nokogiri (>= 1.6)
    rails-html-sanitizer (1.6.0)
      loofah (~> 2.21)
      nokogiri (~> 1.14)
    railties (8.0.0)
      actionpack (= 8.0.0)
      activesupport (= 8.0.0)
      irb (~> 1.13)
      rackup (>= 1.0.0)
      rake (>= 12.2)
      thor (~> 1.0, >= 1.2.2)
      zeitwerk (~> 2.6)
    rake (13.2.1)
    rb-fsevent (0.11.2)
    rb-inotify (0.10.1)
      ffi (~> 1.0)
    rdoc (6.7.0)
      psych (>= 4.0.0)
    reline (0.5.11)
      io-console (~> 0.5)
    rspec (3.13.0)
      rspec-core (~> 3.13.0)
      rspec-expectations (~> 3.13.0)
      rspec-mocks (~> 3.13.0)
    rspec-cells (0.3.10)
      cells (>= 4.0.0, < 6.0.0)
      rspec-rails (>= 3.0.0)
    rspec-core (3.13.2)
      rspec-support (~> 3.13.0)
    rspec-expectations (3.13.3)
      diff-lcs (>= 1.2.0, < 2.0)
      rspec-support (~> 3.13.0)
    rspec-mocks (3.13.2)
      diff-lcs (>= 1.2.0, < 2.0)
      rspec-support (~> 3.13.0)
    rspec-rails (7.1.0)
      actionpack (>= 7.0)
      activesupport (>= 7.0)
      railties (>= 7.0)
      rspec-core (~> 3.13)
      rspec-expectations (~> 3.13)
      rspec-mocks (~> 3.13)
      rspec-support (~> 3.13)
    rspec-support (3.13.1)
    sass (3.7.4)
      sass-listen (~> 4.0.0)
    sass-listen (4.0.0)
      rb-fsevent (~> 0.9, >= 0.9.4)
      rb-inotify (~> 0.9, >= 0.9.7)
    securerandom (0.3.2)
    string_cleaner (0.2.3)
      talentbox-unidecoder (= 1.1.2)
    stringio (3.1.2)
    talentbox-unidecoder (1.1.2)
    thor (1.3.2)
    tilt (2.4.0)
    trailblazer-option (0.1.2)
    tzinfo (2.0.6)
      concurrent-ruby (~> 1.0)
    uber (0.1.0)
    uri (1.0.2)
    useragent (0.16.10)
    zeitwerk (2.7.1)

PLATFORMS
  x86_64-darwin-20
  x86_64-linux

DEPENDENCIES
  hola!
  nokogiri (~> 1.16.7)
  rspec (~> 3.13.0)
  rspec-cells (~> 0.3.10)
  rspec-mocks (~> 3.13.2)
  sass (~> 3.7.4)

BUNDLED WITH
   2.3.21
