PATH
  remote: .
  specs:
    hola (0.0.0)
      string_cleaner (~> 0.2.3)

GEM
  remote: https://rubygems.org/
  specs:
    ffi (1.15.5)
    rb-fsevent (0.11.2)
    rb-inotify (0.10.1)
      ffi (~> 1.0)
    sass (3.6.0)
      sass-listen (~> 4.0.0)
    sass-listen (4.0.0)
      rb-fsevent (~> 0.9, >= 0.9.4)
      rb-inotify (~> 0.9, >= 0.9.7)
    string_cleaner (0.2.3)
      talentbox-unidecoder (= 1.1.2)
    talentbox-unidecoder (1.1.2)

PLATFORMS
  x86_64-darwin-20

DEPENDENCIES
  hola!
  sass (~> 3.6.0)

BUNDLED WITH
   2.3.21
